PATH
  remote: .
  specs:
    rjack-rome (1.0.2-java)
      rjack-jdom (~> 1.1.0)

GEM
  remote: http://rubygems.org/
  specs:
    bouncy-castle-java (1.5.0146.1)
    jruby-openssl (0.8.2)
      bouncy-castle-java (>= 1.5.0146.1)
    json (1.7.5-java)
    minitest (2.12.1)
    rake (10.0.2)
    rdoc (3.12)
      json (~> 1.4)
    rjack-jdom (1.1.0.2-java)
    rjack-maven (3.0.4.0-java)
    rjack-tarpit (2.0.2-java)
      jruby-openssl (~> 0.8.1)
      rake (>= 0.9.2.2, < 10.1)
      rdoc (~> 3.12)
      rjack-maven (~> 3.0.4)

PLATFORMS
  java

DEPENDENCIES
  minitest (~> 2.2)
  rjack-rome!
  rjack-tarpit (~> 2.0)
