PATH
  remote: .
  specs:
    rjack-rome (1.0.2-java)
      rjack-jdom (~> 1.1.0)

GEM
  remote: https://rubygems.org/
  specs:
    bouncy-castle-java (1.5.0147)
    jruby-openssl (0.8.8)
      bouncy-castle-java (>= 1.5.0147)
    json (1.8.0-java)
    minitest (4.7.4)
    rake (10.0.4)
    rdoc (3.12.2)
      json (~> 1.4)
    rjack-jdom (1.1.0.2-java)
    rjack-maven (3.0.4.0-java)
    rjack-tarpit (2.0.2-java)
      jruby-openssl (~> 0.8.1)
      rake (>= 0.9.2.2, < 10.1)
      rdoc (~> 3.12)
      rjack-maven (~> 3.0.4)

PLATFORMS
  java

DEPENDENCIES
  minitest (~> 4.7.4)
  rjack-rome!
  rjack-tarpit (~> 2.0)
