PATH
  remote: async-httpclient
  specs:
    rjack-async-httpclient (1.6.5.0-java)
      rjack-slf4j (~> 1.6.1)

PATH
  remote: commons-codec
  specs:
    rjack-commons-codec (1.4.2-java)

PATH
  remote: commons-dbcp
  specs:
    rjack-commons-dbcp (1.4.0.1-java)
      rjack-commons-pool (~> 1.5.3)

PATH
  remote: commons-dbutils
  specs:
    rjack-commons-dbutils (1.3.2-java)

PATH
  remote: commons-pool
  specs:
    rjack-commons-pool (1.5.6.0-java)

PATH
  remote: httpclient-3
  specs:
    rjack-httpclient-3 (3.1.5-java)
      rjack-commons-codec (~> 1.4.0)
      rjack-slf4j (>= 1.5.8, < 1.7)

PATH
  remote: httpclient-4
  specs:
    rjack-httpclient-4 (4.1.2.1-java)
      rjack-commons-codec (~> 1.4.0)
      rjack-slf4j (>= 1.5.8, < 1.7)

PATH
  remote: icu
  specs:
    rjack-icu (4.8.1.1-java)

PATH
  remote: jackson
  specs:
    rjack-jackson (1.8.5.0-java)

PATH
  remote: jdom
  specs:
    rjack-jdom (1.1.0.2-java)

PATH
  remote: jetty
  specs:
    rjack-jetty (7.5.4.0-java)

PATH
  remote: jetty-jsp
  specs:
    rjack-jetty-jsp (7.5.4.0-java)
      rjack-jetty (~> 7.5.4.0)

PATH
  remote: logback
  specs:
    rjack-logback (1.3.0-java)
      rjack-slf4j (~> 1.6.0)

PATH
  remote: slf4j
  specs:
    rjack-slf4j (1.6.4.0-java)

GEM
  remote: http://rubygems.org/
  specs:
    json (1.6.4-java)
    minitest (2.10.0)
    rake (0.9.2.2)
    rdoc (3.12)
      json (~> 1.4)
    rjack-maven (3.0.3.1-java)
    rjack-tarpit (2.0.0-java)
      rake (~> 0.9.2)
      rdoc (~> 3.6)
      rjack-maven (~> 3.0)

PLATFORMS
  java

DEPENDENCIES
  minitest (~> 2.2)
  rjack-async-httpclient!
  rjack-commons-codec!
  rjack-commons-dbcp!
  rjack-commons-dbutils!
  rjack-commons-pool!
  rjack-httpclient-3!
  rjack-httpclient-4!
  rjack-icu!
  rjack-jackson!
  rjack-jdom!
  rjack-jetty!
  rjack-jetty-jsp!
  rjack-logback!
  rjack-slf4j!
  rjack-tarpit (~> 2.0)
