PATH
  remote: .
  specs:
    rjack-jetty-jsp (9.1.2.0-java)
      rjack-jetty (~> 9.2.2)

PATH
  remote: ../jetty
  specs:
    rjack-jetty (9.2.2.0-java)

GEM
  remote: https://rubygems.org/
  specs:
    json (1.8.1-java)
    minitest (4.7.5)
    rake (10.3.2)
    rdoc (4.0.1)
      json (~> 1.4)
    rjack-maven (3.0.5.0-java)
    rjack-slf4j (1.7.6.0-java)
    rjack-tarpit (2.1.0-java)
      rake (>= 0.9.2.2, < 11)
      rdoc (>= 3.12, < 5)
      rjack-maven (~> 3.0.4)

PLATFORMS
  java

DEPENDENCIES
  minitest (~> 4.7.4)
  rdoc (~> 4.0.1)
  rjack-jetty!
  rjack-jetty-jsp!
  rjack-slf4j (>= 1.6.5, < 1.8)
  rjack-tarpit (~> 2.1)
