PATH
  remote: .
  specs:
    rjack-jetty-jsp (7.5.4.0-java)
      rjack-jetty (~> 7.5.4.0)

GEM
  remote: http://rubygems.org/
  specs:
    json (1.6.4-java)
    minitest (2.10.0)
    rake (0.9.2.2)
    rdoc (3.12)
      json (~> 1.4)
    rjack-jetty (7.5.4.0-java)
    rjack-maven (3.0.3.1-java)
    rjack-slf4j (1.6.4.0-java)
    rjack-tarpit (2.0.0-java)
      rake (~> 0.9.2)
      rdoc (~> 3.6)
      rjack-maven (~> 3.0)

PLATFORMS
  java

DEPENDENCIES
  minitest (~> 2.2)
  rjack-jetty-jsp!
  rjack-slf4j (>= 1.5.8, < 1.7)
  rjack-tarpit (~> 2.0)
