PATH
  remote: .
  specs:
    tarpit-test-jproject (1.0.0-java)

PATH
  remote: ../..
  specs:
    rjack-tarpit (2.0.a.0)
      rake (~> 0.9.2)
      rdoc (~> 3.6)

GEM
  remote: http://rubygems.org/
  specs:
    json (1.6.2-java)
    minitest (2.8.1)
    rake (0.9.2.2)
    rdoc (3.11)
      json (~> 1.4)

PLATFORMS
  java

DEPENDENCIES
  minitest (~> 2.3)
  rjack-tarpit!
  tarpit-test-jproject!
