PATH
  remote: .
  specs:
    rjack-zookeeper (3.4.5.0-java)
      rjack-logback (~> 1.2)
      rjack-netty (~> 3.2.2)
      rjack-slf4j (>= 1.6.5, < 1.8)

GEM
  remote: https://rubygems.org/
  specs:
    json (1.8.1-java)
    minitest (4.7.5)
    rake (10.3.2)
    rdoc (4.0.1)
      json (~> 1.4)
    rjack-logback (1.6.1-java)
      rjack-slf4j (>= 1.6.5, < 1.8)
    rjack-maven (3.0.5.0-java)
    rjack-netty (3.2.8.0-java)
    rjack-slf4j (1.7.5.0-java)
    rjack-tarpit (2.1.0-java)
      rake (>= 0.9.2.2, < 11)
      rdoc (>= 3.12, < 5)
      rjack-maven (~> 3.0.4)

PLATFORMS
  java

DEPENDENCIES
  minitest (~> 4.7.4)
  rdoc (~> 4.0.1)
  rjack-tarpit (~> 2.1)
  rjack-zookeeper!
