PATH
  remote: .
  specs:
    rjack-xerces (2.9.1.0-java)

GEM
  remote: http://rubygems.org/
  specs:
    json (1.6.4-java)
    minitest (2.10.0)
    rake (0.9.2.2)
    rdoc (3.12)
      json (~> 1.4)
    rjack-maven (3.0.3.1-java)
    rjack-tarpit (2.0.0-java)
      rake (~> 0.9.2)
      rdoc (~> 3.6)
      rjack-maven (~> 3.0)

PLATFORMS
  java

DEPENDENCIES
  minitest (~> 2.2)
  rjack-tarpit (~> 2.0)
  rjack-xerces!
