PATH
  remote: .
  specs:
    rjack-jdbc-postgres (9.3.1100.0)

GEM
  remote: https://rubygems.org/
  specs:
    bouncy-castle-java (1.5.0147)
    jruby-openssl (0.8.10)
      bouncy-castle-java (>= 1.5.0147)
    json (1.8.0-java)
    minitest (4.7.5)
    rake (10.1.0)
    rdoc (4.0.1)
      json (~> 1.4)
    rjack-maven (3.0.5.0-java)
    rjack-tarpit (2.0.4-java)
      jruby-openssl (~> 0.8.1)
      rake (>= 0.9.2.2, < 11)
      rdoc (>= 3.12, < 5)
      rjack-maven (~> 3.0.4)

PLATFORMS
  java

DEPENDENCIES
  minitest (~> 4.7.4)
  rjack-jdbc-postgres!
  rjack-tarpit (~> 2.0)
