PATH
  remote: .
  specs:
    rjack-jdbc-postgres (9.4.1208.0)

GEM
  remote: https://rubygems.org/
  specs:
    minitest (4.7.5)
    rake (11.3.0)
    rdoc (4.3.0)
    rjack-maven (3.0.5.0-java)
    rjack-tarpit (2.1.1-java)
      rake (>= 0.9.2.2, < 12)
      rdoc (>= 3.12, < 5)
      rjack-maven (~> 3.0.4)

PLATFORMS
  java

DEPENDENCIES
  minitest (~> 4.7.4)
  rdoc (>= 4.0.1, < 5)
  rjack-jdbc-postgres!
  rjack-tarpit (~> 2.1)

BUNDLED WITH
   1.15.1
