PATH
  remote: .
  specs:
    rjack-jdbc-postgres (42.1.1.0)

GEM
  remote: https://rubygems.org/
  specs:
    minitest (4.7.5)
    rake (12.0.0)
    rdoc (4.3.0)
    rjack-maven (3.0.5.0-java)
    rjack-tarpit (2.1.2-java)
      rake (>= 0.9.2.2)
      rjack-maven (~> 3.0.4)

PLATFORMS
  java

DEPENDENCIES
  minitest (~> 4.7.4)
  rdoc (>= 4.0.1, < 5)
  rjack-jdbc-postgres!
  rjack-tarpit (~> 2.1)

BUNDLED WITH
   1.15.1
