PATH
  remote: .
  specs:
    rjack-nekohtml (1.9.15.0-java)
      rjack-xerces (~> 2.9.1)

GEM
  remote: http://rubygems.org/
  specs:
    bouncy-castle-java (1.5.0146.1)
    jruby-openssl (0.7.4)
      bouncy-castle-java
    json (1.6.4-java)
    minitest (2.10.0)
    rake (0.9.2.2)
    rdoc (3.12)
      json (~> 1.4)
    rjack-maven (3.0.3.1-java)
    rjack-tarpit (2.0.0-java)
      jruby-openssl (~> 0.7.4)
      rake (~> 0.9.2, >= 0.9.2.2)
      rdoc (~> 3.12)
      rjack-maven (~> 3.0.3)
    rjack-xerces (2.9.1.0-java)

PLATFORMS
  java

DEPENDENCIES
  minitest (~> 2.2)
  rjack-nekohtml!
  rjack-tarpit (~> 2.0)
