PATH
  remote: .
  specs:
    rjack-nekohtml (1.9.21.0-java)
      rjack-xerces (>= 2.10.0, < 2.12)

GEM
  remote: https://rubygems.org/
  specs:
    json (1.8.3-java)
    minitest (4.7.5)
    rake (10.4.2)
    rdoc (4.0.1)
      json (~> 1.4)
    rjack-maven (3.0.5.0-java)
    rjack-tarpit (2.1.0-java)
      rake (>= 0.9.2.2, < 11)
      rdoc (>= 3.12, < 5)
      rjack-maven (~> 3.0.4)
    rjack-xerces (2.11.0.0-java)

PLATFORMS
  java

DEPENDENCIES
  minitest (~> 4.7.4)
  rdoc (~> 4.0.1)
  rjack-nekohtml!
  rjack-tarpit (~> 2.1)
