PATH
  remote: .
  specs:
    rjack-zookeeper (3.4.1.0)
      rjack-slf4j (~> 1.6.4)

PATH
  remote: ../..
  specs:
    rjack-tarpit (2.0.a.0)
      rake (~> 0.9.2)
      rdoc (~> 3.6)

GEM
  remote: http://rubygems.org/
  specs:
    json (1.6.4-java)
    minitest (2.10.0)
    rake (0.9.2.2)
    rdoc (3.12)
      json (~> 1.4)
    rjack-logback (1.3.0-java)
      rjack-slf4j (~> 1.6.0)
    rjack-slf4j (1.6.4.0-java)

PLATFORMS
  java

DEPENDENCIES
  minitest (~> 2.3)
  rjack-logback (~> 1.2)
  rjack-tarpit!
  rjack-zookeeper!
