PATH
  remote: .
  specs:
    rjack-jets3t (0.9.0.0-java)
      rjack-commons-codec (~> 1.4.0)
      rjack-httpclient-3 (~> 3.1.3)
      rjack-slf4j (>= 1.5.8, < 1.7)

GEM
  remote: http://rubygems.org/
  specs:
    bouncy-castle-java (1.5.0146.1)
    jruby-openssl (0.7.7)
      bouncy-castle-java (>= 1.5.0146.1)
    json (1.7.3-java)
    minitest (2.12.1)
    rake (0.9.2.2)
    rdoc (3.12)
      json (~> 1.4)
    rjack-commons-codec (1.4.2-java)
    rjack-httpclient-3 (3.1.6-java)
      rjack-commons-codec (~> 1.4)
      rjack-slf4j (>= 1.5.8, < 1.7)
    rjack-logback (1.4.0-java)
      rjack-slf4j (~> 1.6.0)
    rjack-maven (3.0.4.0-java)
    rjack-slf4j (1.6.5.0-java)
    rjack-tarpit (2.0.1-java)
      jruby-openssl (~> 0.7.4)
      rake (~> 0.9.2, >= 0.9.2.2)
      rdoc (~> 3.12)
      rjack-maven (~> 3.0.3)

PLATFORMS
  java

DEPENDENCIES
  minitest (~> 2.2)
  rjack-jets3t!
  rjack-logback (>= 0.9.18, < 2.0)
  rjack-tarpit (~> 2.0)
