PATH
  remote: .
  specs:
    rjack-jets3t (0.9.0.1-java)
      rjack-commons-codec (>= 1.4.2, < 1.7)
      rjack-httpclient-4 (>= 4.1.2, < 4.3)
      rjack-slf4j (>= 1.6.5, < 1.8)

GEM
  remote: http://rubygems.org/
  specs:
    bouncy-castle-java (1.5.0146.1)
    jruby-openssl (0.8.2)
      bouncy-castle-java (>= 1.5.0146.1)
    json (1.7.6-java)
    minitest (2.12.1)
    rake (10.0.3)
    rdoc (3.12)
      json (~> 1.4)
    rjack-commons-codec (1.6.0-java)
    rjack-httpclient-4 (4.2.2.0-java)
      rjack-commons-codec (~> 1.6.0)
      rjack-slf4j (>= 1.6.5, < 1.8)
    rjack-logback (1.5.0-java)
      rjack-slf4j (>= 1.6.5, < 1.8)
    rjack-maven (3.0.4.0-java)
    rjack-slf4j (1.7.2.0-java)
    rjack-tarpit (2.0.2-java)
      jruby-openssl (~> 0.8.1)
      rake (>= 0.9.2.2, < 10.1)
      rdoc (~> 3.12)
      rjack-maven (~> 3.0.4)

PLATFORMS
  java

DEPENDENCIES
  minitest (~> 2.2)
  rjack-jets3t!
  rjack-logback (~> 1.2)
  rjack-tarpit (~> 2.0)
