PATH
  remote: .
  specs:
    rjack-jets3t (0.9.0.2-java)
      rjack-commons-codec (>= 1.6.0, < 1.9)
      rjack-httpclient-4 (>= 4.1.2, < 4.3)
      rjack-slf4j (>= 1.6.5, < 1.8)

GEM
  remote: https://rubygems.org/
  specs:
    json (1.8.1-java)
    minitest (4.7.5)
    rake (10.3.2)
    rdoc (4.0.1)
      json (~> 1.4)
    rjack-commons-codec (1.8.0-java)
    rjack-httpclient-4 (4.2.5.0-java)
      rjack-commons-codec (>= 1.6.0, < 1.9)
      rjack-slf4j (>= 1.6.5, < 1.8)
    rjack-logback (1.7.0-java)
      rjack-slf4j (>= 1.6.5, < 1.8)
    rjack-maven (3.0.5.0-java)
    rjack-slf4j (1.7.6.0-java)
    rjack-tarpit (2.1.0-java)
      rake (>= 0.9.2.2, < 11)
      rdoc (>= 3.12, < 5)
      rjack-maven (~> 3.0.4)

PLATFORMS
  java

DEPENDENCIES
  minitest (~> 4.7.4)
  rdoc (~> 4.0.1)
  rjack-jets3t!
  rjack-logback (~> 1.2)
  rjack-tarpit (~> 2.1)
