PATH
  remote: .
  specs:
    rjack-logback (1.8.1-java)
      rjack-slf4j (~> 1.7.16)

PATH
  remote: ../slf4j
  specs:
    rjack-slf4j (1.7.19.0-java)

GEM
  remote: https://rubygems.org/
  specs:
    json (1.8.6-java)
    minitest (4.7.5)
    rake (11.3.0)
    rdoc (4.0.1)
      json (~> 1.4)
    rjack-maven (3.0.5.0-java)
    rjack-tarpit (2.1.1-java)
      rake (>= 0.9.2.2, < 12)
      rdoc (>= 3.12, < 5)
      rjack-maven (~> 3.0.4)

PLATFORMS
  java

DEPENDENCIES
  minitest (~> 4.7.4)
  rdoc (~> 4.0.1)
  rjack-logback!
  rjack-slf4j!
  rjack-tarpit (~> 2.1)

BUNDLED WITH
   1.15.1
