PATH
  remote: ../slf4j
  specs:
    rjack-slf4j (1.7.25.0-java)

PATH
  remote: .
  specs:
    rjack-logback (1.9.0-java)
      rjack-slf4j (~> 1.7.16)

GEM
  remote: https://rubygems.org/
  specs:
    minitest (4.7.5)
    rake (12.0.0)
    rdoc (4.3.0)
    rjack-maven (3.0.5.0-java)
    rjack-tarpit (2.1.2-java)
      rake (>= 0.9.2.2)
      rjack-maven (~> 3.0.4)

PLATFORMS
  java

DEPENDENCIES
  minitest (~> 4.7.4)
  rdoc (>= 4.0.1, < 5)
  rjack-logback!
  rjack-slf4j!
  rjack-tarpit (~> 2.1)

BUNDLED WITH
   1.15.1
