PATH
  remote: .
  specs:
    rjack-qpid-client (0.24.0-java)
      rjack-jms (>= 1.0.0, < 1.2)
      rjack-slf4j (>= 1.6.5, < 1.8)

GEM
  remote: https://rubygems.org/
  specs:
    json (1.8.1-java)
    minitest (4.7.5)
    rake (10.3.2)
    rdoc (4.0.1)
      json (~> 1.4)
    rjack-jms (1.1.1-java)
      rjack-jms-spec (~> 1.1.1)
      rjack-slf4j (>= 1.6.5, < 1.8)
    rjack-jms-spec (1.1.1-java)
    rjack-logback (1.7.0-java)
      rjack-slf4j (>= 1.6.5, < 1.8)
    rjack-maven (3.0.5.0-java)
    rjack-slf4j (1.7.6.0-java)
    rjack-tarpit (2.1.0-java)
      rake (>= 0.9.2.2, < 11)
      rdoc (>= 3.12, < 5)
      rjack-maven (~> 3.0.4)

PLATFORMS
  java

DEPENDENCIES
  minitest (~> 4.7.4)
  rdoc (~> 4.0.1)
  rjack-logback (~> 1.2)
  rjack-qpid-client!
  rjack-tarpit (~> 2.1)
