PATH
  remote: .
  specs:
    rjack-qpid-client (0.12.0-java)
      rjack-jms (>= 1.0.0, < 1.2)
      rjack-mina (~> 1.0.10)
      rjack-slf4j (>= 1.5.8, < 1.7)

PATH
  remote: ../jms
  specs:
    rjack-jms (1.1.0-java)
      rjack-jms-spec (~> 1.1.1)
      rjack-slf4j (>= 1.5.8, < 1.7)

PATH
  remote: ../logback
  specs:
    rjack-logback (1.3.0-java)
      rjack-slf4j (~> 1.6.0)

PATH
  remote: ../mina
  specs:
    rjack-mina (1.0.10.0-java)
      rjack-slf4j (>= 1.5.8, < 1.7)

PATH
  remote: ../slf4j
  specs:
    rjack-slf4j (1.6.4.0-java)

GEM
  remote: http://rubygems.org/
  specs:
    json (1.6.4-java)
    minitest (2.10.0)
    rake (0.9.2.2)
    rdoc (3.12)
      json (~> 1.4)
    rjack-jms-spec (1.1.1-java)
    rjack-maven (3.0.3.1-java)
    rjack-tarpit (2.0.0-java)
      rake (~> 0.9.2)
      rdoc (~> 3.6)
      rjack-maven (~> 3.0)

PLATFORMS
  java

DEPENDENCIES
  minitest (~> 2.2)
  rjack-jms!
  rjack-logback!
  rjack-mina!
  rjack-qpid-client!
  rjack-slf4j!
  rjack-tarpit (~> 2.0)
