PATH
  remote: .
  specs:
    rjack-lucene (4.2.1.0-java)
      rjack-commons-codec (>= 1.7.0, < 1.9)

GEM
  remote: https://rubygems.org/
  specs:
    bouncy-castle-java (1.5.0147)
    jruby-openssl (0.8.7)
      bouncy-castle-java (>= 1.5.0147)
    json (1.7.7-java)
    minitest (2.12.1)
    rake (10.0.4)
    rdoc (3.12.2)
      json (~> 1.4)
    rjack-commons-codec (1.8.0-java)
    rjack-icu (4.50.1.0-java)
    rjack-maven (3.0.4.0-java)
    rjack-tarpit (2.0.2-java)
      jruby-openssl (~> 0.8.1)
      rake (>= 0.9.2.2, < 10.1)
      rdoc (~> 3.12)
      rjack-maven (~> 3.0.4)

PLATFORMS
  java

DEPENDENCIES
  minitest (~> 2.2)
  rjack-icu (>= 4.49.1, < 4.51)
  rjack-lucene!
  rjack-tarpit (~> 2.0)
