PATH
  remote: .
  specs:
    rjack-lucene (3.6.1.0-java)
      rjack-commons-codec (~> 1.6.0)

GEM
  remote: http://rubygems.org/
  specs:
    bouncy-castle-java (1.5.0146.1)
    jruby-openssl (0.7.7)
      bouncy-castle-java (>= 1.5.0146.1)
    json (1.7.3-java)
    minitest (2.12.1)
    rake (0.9.2.2)
    rdoc (3.12)
      json (~> 1.4)
    rjack-commons-codec (1.6.0-java)
    rjack-icu (4.8.1.1-java)
    rjack-maven (3.0.4.0-java)
    rjack-tarpit (2.0.1-java)
      jruby-openssl (~> 0.7.4)
      rake (~> 0.9.2, >= 0.9.2.2)
      rdoc (~> 3.12)
      rjack-maven (~> 3.0.3)

PLATFORMS
  java

DEPENDENCIES
  minitest (~> 2.2)
  rjack-icu (~> 4.8.1.1)
  rjack-lucene!
  rjack-tarpit (~> 2.0)
