PATH
  remote: .
  specs:
    rjack-lucene (4.3.1.0-java)
      rjack-commons-codec (>= 1.7.0, < 1.9)

GEM
  remote: https://rubygems.org/
  specs:
    json (1.8.1-java)
    minitest (4.7.5)
    rake (10.1.0)
    rdoc (4.0.1)
      json (~> 1.4)
    rjack-commons-codec (1.8.0-java)
    rjack-icu (4.51.2.0-java)
    rjack-maven (3.0.5.0-java)
    rjack-tarpit (2.1.0-java)
      rake (>= 0.9.2.2, < 11)
      rdoc (>= 3.12, < 5)
      rjack-maven (~> 3.0.4)

PLATFORMS
  java

DEPENDENCIES
  minitest (~> 4.7.4)
  rjack-icu (>= 4.49.1, < 4.52)
  rjack-lucene!
  rjack-tarpit (~> 2.1)
