PATH
  remote: .
  specs:
    rjack-tarpit (2.1.2-java)
      rake (>= 0.9.2.2)
      rjack-maven (~> 3.0.4)

GEM
  remote: https://rubygems.org/
  specs:
    minitest (4.7.5)
    rake (12.0.0)
    rdoc (4.3.0)
    rjack-logback (1.8.1-java)
      rjack-slf4j (~> 1.7.16)
    rjack-maven (3.0.5.0-java)
    rjack-slf4j (1.7.19.0-java)

PLATFORMS
  java
  ruby
  universal-java-1.8

DEPENDENCIES
  minitest (>= 4.7.4, < 6)
  rdoc (~> 4.3.0)
  rjack-logback (~> 1.5)
  rjack-slf4j (~> 1.7.0)
  rjack-tarpit!

BUNDLED WITH
   1.15.1
