PATH
  remote: .
  specs:
    rjack-tarpit (2.0.2-java)
      jruby-openssl (~> 0.7.4)
      rake (~> 0.9.2, >= 0.9.2.2)
      rdoc (~> 3.12)
      rjack-maven (~> 3.0.3)

GEM
  remote: http://rubygems.org/
  specs:
    bouncy-castle-java (1.5.0146.1)
    jruby-openssl (0.7.7)
      bouncy-castle-java (>= 1.5.0146.1)
    json (1.7.3-java)
    minitest (2.12.1)
    rake (0.9.2.2)
    rdoc (3.12)
      json (~> 1.4)
    rjack-logback (1.4.0-java)
      rjack-slf4j (~> 1.6.0)
    rjack-maven (3.0.4.0-java)
    rjack-slf4j (1.6.5.0-java)

PLATFORMS
  java
  ruby

DEPENDENCIES
  minitest (~> 2.10)
  rjack-logback (~> 1.2)
  rjack-slf4j (~> 1.6.4)
  rjack-tarpit!
