PATH
  remote: .
  specs:
    rjack-tarpit (2.0.a.0)
      rake (~> 0.9.2)
      rdoc (~> 3.6)

GEM
  remote: http://rubygems.org/
  specs:
    json (1.6.2)
    json (1.6.2-java)
    minitest (2.8.1)
    rake (0.9.2.2)
    rdoc (3.11)
      json (~> 1.4)
    rjack-logback (1.3.0-java)
      rjack-slf4j (~> 1.6.0)
    rjack-slf4j (1.6.4.0-java)

PLATFORMS
  java
  ruby

DEPENDENCIES
  minitest (~> 2.3)
  rjack-logback (~> 1.2)
  rjack-slf4j (~> 1.6.4)
  rjack-tarpit!
