PATH
  remote: .
  specs:
    rjack-tarpit (2.0.a.0)
      rake (~> 0.9.2)
      rdoc (~> 3.6)

GEM
  remote: http://rubygems.org/
  specs:
    json (1.6.1)
    json (1.6.1-java)
    minitest (2.8.0)
    rake (0.9.2.2)
    rdoc (3.11)
      json (~> 1.4)

PLATFORMS
  java
  ruby

DEPENDENCIES
  minitest (~> 2.3)
  rjack-tarpit!
