PATH
  remote: .
  specs:
    rjack-tarpit (2.0.2-java)
      rake (>= 0.9.2.2, < 10.1)
      rdoc (~> 3.12)
      rjack-maven (~> 3.0.4)

GEM
  remote: http://rubygems.org/
  specs:
    json (1.7.5-java)
    minitest (2.12.1)
    rake (10.0.2)
    rdoc (3.12)
      json (~> 1.4)
    rjack-logback (1.5.0-java)
      rjack-slf4j (>= 1.6.5, < 1.8)
    rjack-maven (3.0.4.0-java)
    rjack-slf4j (1.7.2.0-java)

PLATFORMS
  java
  ruby

DEPENDENCIES
  minitest (~> 2.10)
  rjack-logback (~> 1.5)
  rjack-slf4j (~> 1.7.0)
  rjack-tarpit!
