PATH
  remote: .
  specs:
    rjack-tarpit (2.1.0-java)
      rake (>= 0.9.2.2, < 11)
      rdoc (>= 3.12, < 5)
      rjack-maven (~> 3.0.4)

GEM
  remote: https://rubygems.org/
  specs:
    json (1.8.1-java)
    minitest (4.7.5)
    rake (10.1.0)
    rdoc (4.0.1)
      json (~> 1.4)
    rjack-logback (1.6.1-java)
      rjack-slf4j (>= 1.6.5, < 1.8)
    rjack-maven (3.0.5.0-java)
    rjack-slf4j (1.7.5.0-java)

PLATFORMS
  java
  ruby

DEPENDENCIES
  minitest (~> 4.7.4)
  rjack-logback (~> 1.5)
  rjack-slf4j (~> 1.7.0)
  rjack-tarpit!
