PATH
  remote: .
  specs:
    rjack-tarpit (2.1.1-java)
      rake (>= 0.9.2.2, < 12)
      rdoc (>= 3.12, < 5)
      rjack-maven (~> 3.0.4)

GEM
  remote: https://rubygems.org/
  specs:
    json (1.8.6-java)
    minitest (5.8.5)
    rake (11.3.0)
    rdoc (4.0.1)
      json (~> 1.4)
    rjack-logback (1.8.1-java)
      rjack-slf4j (~> 1.7.16)
    rjack-maven (3.0.5.0-java)
    rjack-slf4j (1.7.19.0-java)

PLATFORMS
  java
  ruby

DEPENDENCIES
  minitest (>= 4.7.4, < 6)
  rdoc (~> 4.0.1)
  rjack-logback (~> 1.5)
  rjack-slf4j (~> 1.7.0)
  rjack-tarpit!

BUNDLED WITH
   1.15.1
