PATH
  remote: .
  specs:
    rjack-tarpit (2.0.2-java)
      jruby-openssl (~> 0.8.1)
      rake (>= 0.9.2.2, < 10.1)
      rdoc (~> 3.12)
      rjack-maven (~> 3.0.4)

GEM
  remote: https://rubygems.org/
  specs:
    bouncy-castle-java (1.5.0147)
    jruby-openssl (0.8.8)
      bouncy-castle-java (>= 1.5.0147)
    json (1.7.7-java)
    minitest (2.12.1)
    rake (10.0.4)
    rdoc (3.12.2)
      json (~> 1.4)
    rjack-logback (1.6.1-java)
      rjack-slf4j (>= 1.6.5, < 1.8)
    rjack-maven (3.0.4.0-java)
    rjack-slf4j (1.7.5.0-java)

PLATFORMS
  java
  ruby

DEPENDENCIES
  minitest (~> 2.10)
  rjack-logback (~> 1.5)
  rjack-slf4j (~> 1.7.0)
  rjack-tarpit!
