PATH
  remote: .
  specs:
    rjack-commons-dbcp (1.4.0.1-java)
      rjack-commons-pool (~> 1.5.3)

GEM
  remote: https://rubygems.org/
  specs:
    json (1.8.1-java)
    minitest (4.7.5)
    rake (10.1.1)
    rdoc (4.0.1)
      json (~> 1.4)
    rjack-commons-pool (1.5.7.0-java)
    rjack-maven (3.0.5.0-java)
    rjack-tarpit (2.1.0-java)
      rake (>= 0.9.2.2, < 11)
      rdoc (>= 3.12, < 5)
      rjack-maven (~> 3.0.4)

PLATFORMS
  java

DEPENDENCIES
  minitest (~> 4.7.4)
  rdoc (~> 4.0.1)
  rjack-commons-dbcp!
  rjack-tarpit (~> 2.1)
