PATH
  remote: .
  specs:
    rjack-solr (3.6.1.0-java)
      hooker (~> 1.0.0)
      rjack-commons-codec (~> 1.6.0)
      rjack-httpclient-3 (~> 3.1.6)
      rjack-jetty (~> 7.6.4)
      rjack-jetty-jsp (~> 7.6.4)
      rjack-logback (~> 1.2)
      rjack-lucene (~> 3.6.1)
      rjack-slf4j (>= 1.6.5, < 1.8)

GEM
  remote: http://rubygems.org/
  specs:
    bouncy-castle-java (1.5.0146.1)
    hooker (1.0.1)
    jruby-openssl (0.8.2)
      bouncy-castle-java (>= 1.5.0146.1)
    json (1.7.5-java)
    minitest (2.12.1)
    rake (10.0.3)
    rdoc (3.12)
      json (~> 1.4)
    rjack-commons-codec (1.6.0-java)
    rjack-httpclient-3 (3.1.7-java)
      rjack-commons-codec (~> 1.4)
      rjack-slf4j (>= 1.6.5, < 1.8)
    rjack-jetty (7.6.8.0-java)
    rjack-jetty-jsp (7.6.7.0-java)
      rjack-jetty (~> 7.6.7)
    rjack-logback (1.5.0-java)
      rjack-slf4j (>= 1.6.5, < 1.8)
    rjack-lucene (3.6.2.0-java)
      rjack-commons-codec (~> 1.6.0)
    rjack-maven (3.0.4.0-java)
    rjack-slf4j (1.7.2.0-java)
    rjack-tarpit (2.0.2-java)
      jruby-openssl (~> 0.8.1)
      rake (>= 0.9.2.2, < 10.1)
      rdoc (~> 3.12)
      rjack-maven (~> 3.0.4)

PLATFORMS
  java

DEPENDENCIES
  minitest (~> 2.2)
  rjack-solr!
  rjack-tarpit (~> 2.0)
