PATH
  remote: .
  specs:
    rjack-solr (4.0.0.0-java)
      hooker (~> 1.0.0)
      rjack-commons-codec (~> 1.6.0)
      rjack-httpclient-4 (~> 4.2.1)
      rjack-jetty (~> 7.6.4)
      rjack-jetty-jsp (~> 7.6.4)
      rjack-logback (~> 1.2)
      rjack-lucene (~> 4.0.0)
      rjack-slf4j (>= 1.6.5, < 1.8)

PATH
  remote: /home/david/src/rjack/lucene
  specs:
    rjack-lucene (4.0.0.0-java)
      rjack-commons-codec (~> 1.6.0)

GEM
  remote: http://rubygems.org/
  specs:
    bouncy-castle-java (1.5.0146.1)
    hooker (1.0.1)
    jruby-openssl (0.7.7)
      bouncy-castle-java (>= 1.5.0146.1)
    json (1.7.5-java)
    minitest (2.12.1)
    rake (0.9.2.2)
    rdoc (3.12)
      json (~> 1.4)
    rjack-commons-codec (1.6.0-java)
    rjack-httpclient-4 (4.2.1.0-java)
      rjack-commons-codec (~> 1.6.0)
      rjack-slf4j (>= 1.6.5, < 1.8)
    rjack-icu (4.8.1.1-java)
    rjack-jetty (7.6.7.0-java)
    rjack-jetty-jsp (7.6.7.0-java)
      rjack-jetty (~> 7.6.7)
    rjack-logback (1.5.0-java)
      rjack-slf4j (>= 1.6.5, < 1.8)
    rjack-maven (3.0.4.0-java)
    rjack-slf4j (1.7.0.0-java)
    rjack-tarpit (2.0.1-java)
      jruby-openssl (~> 0.7.4)
      rake (~> 0.9.2, >= 0.9.2.2)
      rdoc (~> 3.12)
      rjack-maven (~> 3.0.3)

PLATFORMS
  java

DEPENDENCIES
  minitest (~> 2.2)
  rjack-icu (~> 4.8.1.1)
  rjack-lucene!
  rjack-solr!
  rjack-tarpit (~> 2.0)
