PATH
  remote: .
  specs:
    rjack-httpclient-4 (4.1.2.1-java)
      rjack-commons-codec (~> 1.4.0)
      rjack-slf4j (>= 1.5.8, < 1.7)

GEM
  remote: http://rubygems.org/
  specs:
    bouncy-castle-java (1.5.0146.1)
    jruby-openssl (0.7.6.1)
      bouncy-castle-java (>= 1.5.0146.1)
    json (1.6.5-java)
    minitest (2.11.2)
    rake (0.9.2.2)
    rdoc (3.12)
      json (~> 1.4)
    rjack-commons-codec (1.4.2-java)
    rjack-logback (1.3.0-java)
      rjack-slf4j (~> 1.6.0)
    rjack-maven (3.0.3.1-java)
    rjack-slf4j (1.6.4.0-java)
    rjack-tarpit (2.0.1-java)
      jruby-openssl (~> 0.7.4)
      rake (~> 0.9.2, >= 0.9.2.2)
      rdoc (~> 3.12)
      rjack-maven (~> 3.0.3)

PLATFORMS
  java

DEPENDENCIES
  minitest (~> 2.2)
  rjack-httpclient-4!
  rjack-logback (>= 0.9.18, < 2.0)
  rjack-tarpit (~> 2.0)
