PATH
  remote: .
  specs:
    rjack-jetty (9.2.17.0-java)

GEM
  remote: https://rubygems.org/
  specs:
    json (1.8.2-java)
    minitest (4.7.5)
    rake (11.2.2)
    rdoc (4.0.1)
      json (~> 1.4)
    rjack-logback (1.7.1-java)
      rjack-slf4j (>= 1.6.5, < 1.8)
    rjack-maven (3.0.5.0-java)
    rjack-slf4j (1.7.7.1-java)
    rjack-tarpit (2.1.1-java)
      rake (>= 0.9.2.2, < 12)
      rdoc (>= 3.12, < 5)
      rjack-maven (~> 3.0.4)

PLATFORMS
  java

DEPENDENCIES
  minitest (~> 4.7.4)
  rdoc (~> 4.0.1)
  rjack-jetty!
  rjack-logback (~> 1.2)
  rjack-slf4j (>= 1.6.5, < 1.8)
  rjack-tarpit (~> 2.1)

BUNDLED WITH
   1.12.5
